GEM
  remote: https://rubygems.org/
  specs:
    rubymotion_generators (0.1.0)
      thor (~> 0.15)
    thor (0.18.1)

PLATFORMS
  ruby

DEPENDENCIES
  rubymotion_generators
